GEM
  remote: https://rubygems.org/
  specs:
    diff-lcs (1.5.0)
    json (2.5.1)
    mime-types (1.25)
    rack (1.6.13)
    rake (12.3.3)
    rspec (2.14.1)
      rspec-core (~> 2.14.0)
      rspec-expectations (~> 2.14.0)
      rspec-mocks (~> 2.14.0)
    rspec-core (2.14.8)
    rspec-expectations (2.14.5)
      diff-lcs (>= 1.1.3, < 2.0)
    rspec-mocks (2.14.6)

PLATFORMS
  ruby

DEPENDENCIES
  json (= 2.5.1)
  mime-types (= 1.25)
  rack (< 2.0)
  rake (< 13.0.0)
  rspec (= 2.14.1)

BUNDLED WITH
   1.17.2
